PATH
  remote: .
  specs:
    mojular (0.7.0)
      sass (>= 3.3.0)

GEM
  remote: https://rubygems.org/
  specs:
    sass (3.4.14)

PLATFORMS
  ruby

DEPENDENCIES
  mojular!
